PATH
  remote: /Users/blambeau/work/devel/alf-tool/alf
  specs:
    alf (0.16.0)
      alf-core (~> 0.16.0)
      alf-rack (~> 0.16.0)
      alf-repl (~> 0.16.0)
      alf-sequel (~> 0.16.0)
      alf-shell (~> 0.16.0)
      alf-sql (~> 0.16.0)

PATH
  remote: /Users/blambeau/work/devel/alf-tool/alf/alf-core
  specs:
    alf-core (0.16.0)
      domain (~> 1.0)
      myrrha (~> 3.0)
      path (~> 1.3)
      sexpr (~> 0.6.0)

PATH
  remote: /Users/blambeau/work/devel/alf-tool/alf/alf-rack
  specs:
    alf-rack (0.16.0)
      alf-core (= 0.16.0)
      rack (~> 1.5)
      rack-accept (~> 0.4.5)
      ruby_cop (~> 1.0)

PATH
  remote: /Users/blambeau/work/devel/alf-tool/alf/alf-repl
  specs:
    alf-repl (0.16.0)
      alf-core (= 0.16.0)
      alf-rack (= 0.16.0)
      rack (~> 1.5)
      rack-robustness (~> 1.1)
      sinatra (~> 1.4)
      sprockets (~> 2.10)
      wlang (~> 2.2)

PATH
  remote: /Users/blambeau/work/devel/alf-tool/alf/alf-sequel
  specs:
    alf-sequel (0.16.0)
      alf-core (= 0.16.0)
      alf-sql (= 0.16.0)
      sequel (~> 4.2)

PATH
  remote: /Users/blambeau/work/devel/alf-tool/alf/alf-shell
  specs:
    alf-shell (0.16.0)
      alf-core (= 0.16.0)
      highline (~> 1.6)
      quickl (~> 0.4.3)

PATH
  remote: /Users/blambeau/work/devel/alf-tool/alf/alf-sql
  specs:
    alf-sql (0.16.0)
      alf-core (= 0.16.0)
      sexpr (~> 0.6.0)

GEM
  remote: http://rubygems.org/
  specs:
    backports (2.8.2)
    citrus (2.4.1)
    daemons (1.1.9)
    domain (1.0.0)
    eventmachine (1.0.3)
    highline (1.6.20)
    hike (1.2.3)
    multi_json (1.8.2)
    myrrha (3.0.0)
      domain (~> 1.0)
    path (1.3.3)
    pg (0.16.0)
    quickl (0.4.3)
    rack (1.5.2)
    rack-accept (0.4.5)
      rack (>= 0.4)
    rack-protection (1.5.1)
      rack
    rack-robustness (1.1.0)
    rake (10.1.0)
    ruby_cop (1.0.5)
    sequel (4.4.0)
    sexpr (0.6.0)
    sinatra (1.4.4)
      rack (~> 1.4)
      rack-protection (~> 1.4)
      tilt (~> 1.3, >= 1.3.4)
    sprockets (2.10.1)
      hike (~> 1.2)
      multi_json (~> 1.0)
      rack (~> 1.0)
      tilt (~> 1.1, != 1.3.0)
    temple (0.6.7)
    thin (1.6.1)
      daemons (>= 1.0.9)
      eventmachine (>= 1.0.0)
      rack (>= 1.0.0)
    tilt (1.4.1)
    wlang (2.2.3)
      backports (~> 2.6)
      citrus (~> 2.4.1)
      path (~> 1.3)
      quickl (~> 0.4.3)
      temple (~> 0.6)

PLATFORMS
  ruby

DEPENDENCIES
  alf!
  alf-core!
  alf-rack!
  alf-repl!
  alf-sequel!
  alf-shell!
  alf-sql!
  pg (= 0.16.0)
  rake (>= 10.0)
  sequel
  thin
